{
  "Modality": "MR",
  "MagneticFieldStrength": 3,
  "ImagingFrequency": 123.259,
  "Manufacturer": "Siemens",
  "ManufacturersModelName": "Prisma",
  "InstitutionName": "University_of_Delaware_-_Life_Science_Inst.",
  "InstitutionalDepartmentName": "Department",
  "InstitutionAddress": "East_Delaware_Ave._77-79_Newark_DE_US_19716",
  "DeviceSerialNumber": "66082",
  "StationName": "AWP66082",
  "BodyPartExamined": "BRAIN",
  "PatientPosition": "HFS",
  "ProcedureStepDescription": "Schneider_fMRI",
  "SoftwareVersions": "syngo_MR_E11",
  "MRAcquisitionType": "2D",
  "SeriesDescription": "LGNLoc_s10",
  "ProtocolName": "LGNLoc_s10",
  "ScanningSequence": "EP",
  "SequenceVariant": "SK_SS",
  "ScanOptions": "PFP_FS_EXT",
  "SequenceName": "epfid2d1_128",
  "ImageType": [
    "ORIGINAL",
    "PRIMARY",
    "M",
    "MB",
    "ND",
    "MOSAIC"
  ],
  "SeriesNumber": 24,
  "AcquisitionTime": "14:16:5.875000",
  "AcquisitionNumber": 1,
  "ImageComments": "Unaliased_MB6_PE3_LB",
  "SliceThickness": 1.5,
  "SpacingBetweenSlices": 1.5,
  "SAR": 0.0404542,
  "EchoTime": 0.039,
  "RepetitionTime": 1.5,
  "FlipAngle": 45,
  "PartialFourier": 0.75,
  "BaseResolution": 128,
  "ShimSetting": [-1059,-4098,1149,598,-48,35,-73,-43],
  "TxRefAmp": 229.59,
  "PhaseResolution": 1,
  "ReceiveCoilName": "HeadNeck_64",
  "ReceiveCoilActiveElements": "HC1-7",
  "PulseSequenceDetails": "%CustomerSeq%_cmrr_mbep2d_bold",
  "WipMemBlock": "a154ac4e-d897-483f-ad7a-4b97006ff3bd||Sequence: R016 ve11c/master r/e634e98; Dec 19 2017 11:00:25 by eja",
  "ConsistencyInfo": "N4_VE11C_LATEST_20160120",
  "MultibandAccelerationFactor": 6,
  "PercentPhaseFOV": 100,
  "EchoTrainLength": 96,
  "PhaseEncodingSteps": 96,
  "AcquisitionMatrixPE": 128,
  "ReconMatrixPE": 128,
  "BandwidthPerPixelPhaseEncode": 10.016,
  "EffectiveEchoSpacing": 0.000780002,
  "DerivedVendorReportedEchoSpacing": 0.000780002,
  "TotalReadoutTime": 0.0990603,
  "PixelBandwidth": 1565,
  "DwellTime": 2.5e-06,
  "PhaseEncodingDirection": "j-",
  "SliceTiming": [0,0.3175,0.6325,0.95,1.2675,0.105,0.4225,0.74,1.055,1.3725,0.21,0.5275,0.845,1.1625,0,0.3175,0.6325,0.95,1.2675,0.105,0.4225,0.74,1.055,1.3725,0.21,0.5275,0.845,1.1625,0,0.3175,0.6325,0.95,1.2675,0.105,0.4225,0.74,1.055,1.3725,0.21,0.5275,0.845,1.1625,0,0.3175,0.6325,0.95,1.2675,0.105,0.4225,0.74,1.055,1.3725,0.21,0.5275,0.845,1.1625,0,0.3175,0.6325,0.95,1.2675,0.105,0.4225,0.74,1.055,1.3725,0.21,0.5275,0.845,1.1625,0,0.3175,0.6325,0.95,1.2675,0.105,0.4225,0.74,1.055,1.3725,0.21,0.5275,0.845,1.1625],
  "ImageOrientationPatientDICOM": [0.999885,-0.0049151,-0.0143434,-3.64967e-08,0.945998,-0.324172],
  "InPlanePhaseEncodingDirectionDICOM": "COL",
  "ConversionSoftware": "dcm2niix",
  "ConversionSoftwareVersion": "v1.0.20190902",
  "TaskName": "Visual hemifield stimulation"
}