{
	"Modality": "MR",
	"MagneticFieldStrength": 3,
	"ImagingFrequency": 123.259,
	"Manufacturer": "Siemens",
	"ManufacturersModelName": "Prisma",
	"InstitutionName": "University_of_Delaware",
	"InstitutionalDepartmentName": "Department",
	"InstitutionAddress": "East_Delaware_Ave._77-79_Newark_DE_US_19716",
	"DeviceSerialNumber": "66082",
	"StationName": "AWP66082",
	"BodyPartExamined": "BRAIN",
	"PatientPosition": "HFS",
	"ProcedureStepDescription": "Schneider_fMRI",
	"SoftwareVersions": "syngo_MR_E11",
	"MRAcquisitionType": "3D",
	"SeriesDescription": "T1_MPRAGE_ISO_.7MM",
	"ProtocolName": "T1_MPRAGE_ISO_.7MM",
	"ScanningSequence": "GR_IR",
	"SequenceVariant": "SK_SP_MP_OSP",
	"ScanOptions": "IR",
	"SequenceName": "_tfl3d1_16ns",
	"ImageType": ["ORIGINAL", "PRIMARY", "M", "ND", "NORM"],
	"SeriesNumber": 5,
	"AcquisitionTime": "09:39:21.260000",
	"AcquisitionNumber": 1,
	"SliceThickness": 0.7,
	"SAR": 0.0527053,
	"EchoTime": 0.00464,
	"RepetitionTime": 2.08,
	"InversionTime": 1.05,
	"FlipAngle": 9,
	"PartialFourier": 1,
	"BaseResolution": 288,
	"ShimSetting": [
		-1042,
		-4136,
		1149,
		456,
		-40,
		-342,
		-55,
		3	],
	"TxRefAmp": 222.863,
	"PhaseResolution": 1,
	"PhaseOversampling": 0.25,
	"ReceiveCoilName": "HeadNeck_64",
	"ReceiveCoilActiveElements": "HC1-7;NC1",
	"PulseSequenceDetails": "%SiemensSeq%_tfl",
	"RefLinesPE": 24,
	"ConsistencyInfo": "N4_VE11C_LATEST_20160120",
	"PercentPhaseFOV": 100,
	"PhaseEncodingSteps": 359,
	"AcquisitionMatrixPE": 288,
	"ReconMatrixPE": 288,
	"ParallelReductionFactorInPlane": 2,
	"PixelBandwidth": 140,
	"DwellTime": 1.24e-05,
	"ImageOrientationPatientDICOM": [
		-0.0582015,
		0.969556,
		0.237852,
		-0.00882763,
		0.237747,
		-0.971287	],
	"InPlanePhaseEncodingDirectionDICOM": "ROW",
	"ConversionSoftware": "dcm2niix",
	"ConversionSoftwareVersion": "v1.0.20190902"
}
