{
  "Modality": "MR",
  "MagneticFieldStrength": 3,
  "ImagingFrequency": 123.259,
  "Manufacturer": "Siemens",
  "ManufacturersModelName": "Prisma",
  "InstitutionName": "University_of_Delaware_-_Life_Science_Inst.",
  "InstitutionalDepartmentName": "Department",
  "InstitutionAddress": "East_Delaware_Ave._77-79_Newark_DE_US_19716",
  "DeviceSerialNumber": "66082",
  "StationName": "AWP66082",
  "BodyPartExamined": "BRAIN",
  "PatientPosition": "HFS",
  "ProcedureStepDescription": "Schneider_fMRI",
  "SoftwareVersions": "syngo_MR_E11",
  "MRAcquisitionType": "2D",
  "SeriesDescription": "LGNLoc_s10",
  "ProtocolName": "LGNLoc_s10",
  "ScanningSequence": "EP",
  "SequenceVariant": "SK_SS",
  "ScanOptions": "PFP_FS_EXT",
  "SequenceName": "epfid2d1_128",
  "ImageType": [
    "ORIGINAL",
    "PRIMARY",
    "M",
    "MB",
    "ND",
    "MOSAIC"
  ],
  "SeriesNumber": 24,
  "AcquisitionTime": "14:29:44.957500",
  "AcquisitionNumber": 1,
  "ImageComments": "Unaliased_MB6_PE3_LB",
  "SliceThickness": 1.5,
  "SpacingBetweenSlices": 1.5,
  "SAR": 0.044358,
  "EchoTime": 0.039,
  "RepetitionTime": 1.5,
  "FlipAngle": 45,
  "PartialFourier": 0.75,
  "BaseResolution": 128,
  "ShimSetting": [-1016,-4074,1173,628,60,4,-297,-59],
  "TxRefAmp": 229.284,
  "PhaseResolution": 1,
  "ReceiveCoilName": "HeadNeck_64",
  "ReceiveCoilActiveElements": "HC1-7",
  "PulseSequenceDetails": "%CustomerSeq%_cmrr_mbep2d_bold",
  "WipMemBlock": "eaedd0eb-ca3a-4c9c-be40-37eea84ee74e||Sequence: R016 ve11c/master r/e634e98; Dec 19 2017 11:00:25 by eja",
  "ConsistencyInfo": "N4_VE11C_LATEST_20160120",
  "MultibandAccelerationFactor": 6,
  "PercentPhaseFOV": 100,
  "EchoTrainLength": 96,
  "PhaseEncodingSteps": 96,
  "AcquisitionMatrixPE": 128,
  "ReconMatrixPE": 128,
  "BandwidthPerPixelPhaseEncode": 10.016,
  "EffectiveEchoSpacing": 0.000780002,
  "DerivedVendorReportedEchoSpacing": 0.000780002,
  "TotalReadoutTime": 0.0990603,
  "PixelBandwidth": 1565,
  "DwellTime": 2.5e-06,
  "PhaseEncodingDirection": "j-",
  "SliceTiming": [0,0.315,0.6325,0.95,1.2675,0.105,0.4225,0.74,1.055,1.3725,0.21,0.5275,0.845,1.1625,0,0.315,0.6325,0.95,1.2675,0.105,0.4225,0.74,1.055,1.3725,0.21,0.5275,0.845,1.1625,0,0.315,0.6325,0.95,1.2675,0.105,0.4225,0.74,1.055,1.3725,0.21,0.5275,0.845,1.1625,0,0.315,0.6325,0.95,1.2675,0.105,0.4225,0.74,1.055,1.3725,0.21,0.5275,0.845,1.1625,0,0.315,0.6325,0.95,1.2675,0.105,0.4225,0.74,1.055,1.3725,0.21,0.5275,0.845,1.1625,0,0.315,0.6325,0.95,1.2675,0.105,0.4225,0.74,1.055,1.3725,0.21,0.5275,0.845,1.1625],
  "ImageOrientationPatientDICOM": [0.999984,-0.00288588,-0.00495977,6.647e-10,0.864333,-0.502919],
  "InPlanePhaseEncodingDirectionDICOM": "COL",
  "ConversionSoftware": "dcm2niix",
  "ConversionSoftwareVersion": "v1.0.20190902",
  "TaskName": "Visual hemifield stimulation"
}