{
  "Modality": "MR",
  "MagneticFieldStrength": 3,
  "ImagingFrequency": 123.259,
  "Manufacturer": "Siemens",
  "ManufacturersModelName": "Prisma",
  "InstitutionName": "University_of_Delaware_-_Life_Science_Inst.",
  "InstitutionalDepartmentName": "Department",
  "InstitutionAddress": "East_Delaware_Ave._77-79_Newark_DE_US_19716",
  "DeviceSerialNumber": "66082",
  "StationName": "AWP66082",
  "BodyPartExamined": "BRAIN",
  "PatientPosition": "HFS",
  "ProcedureStepDescription": "Schneider_fMRI",
  "SoftwareVersions": "syngo_MR_E11",
  "MRAcquisitionType": "2D",
  "SeriesDescription": "LGNLoc_s10",
  "ProtocolName": "LGNLoc_s10",
  "ScanningSequence": "EP",
  "SequenceVariant": "SK_SS",
  "ScanOptions": "PFP_FS_EXT",
  "SequenceName": "epfid2d1_128",
  "ImageType": [
    "ORIGINAL",
    "PRIMARY",
    "M",
    "MB",
    "ND",
    "MOSAIC"
  ],
  "SeriesNumber": 24,
  "AcquisitionTime": "18:09:6.125000",
  "AcquisitionNumber": 1,
  "ImageComments": "Unaliased_MB6_PE3_LB",
  "SliceThickness": 1.5,
  "SpacingBetweenSlices": 1.5,
  "SAR": 0.039094,
  "EchoTime": 0.039,
  "RepetitionTime": 1.5,
  "FlipAngle": 45,
  "PartialFourier": 0.75,
  "BaseResolution": 128,
  "ShimSetting": [-1048,-4061,1171,425,-25,-150,-202,-22],
  "TxRefAmp": 247.783,
  "PhaseResolution": 1,
  "ReceiveCoilName": "HeadNeck_64",
  "ReceiveCoilActiveElements": "HC1-7;NC1",
  "PulseSequenceDetails": "%CustomerSeq%_cmrr_mbep2d_bold",
  "WipMemBlock": "513f5abe-1308-494c-a2ef-3535f6be57ce||Sequence: R016 ve11c/master r/e634e98; Dec 19 2017 11:00:25 by eja",
  "ConsistencyInfo": "N4_VE11C_LATEST_20160120",
  "MultibandAccelerationFactor": 6,
  "PercentPhaseFOV": 100,
  "EchoTrainLength": 96,
  "PhaseEncodingSteps": 96,
  "AcquisitionMatrixPE": 128,
  "ReconMatrixPE": 128,
  "BandwidthPerPixelPhaseEncode": 10.016,
  "EffectiveEchoSpacing": 0.000780002,
  "DerivedVendorReportedEchoSpacing": 0.000780002,
  "TotalReadoutTime": 0.0990603,
  "PixelBandwidth": 1565,
  "DwellTime": 2.5e-06,
  "PhaseEncodingDirection": "j-",
  "SliceTiming": [0,0.3175,0.635,0.9525,1.27,0.105,0.4225,0.74,1.0575,1.375,0.2125,0.53,0.845,1.1625,0,0.3175,0.635,0.9525,1.27,0.105,0.4225,0.74,1.0575,1.375,0.2125,0.53,0.845,1.1625,0,0.3175,0.635,0.9525,1.27,0.105,0.4225,0.74,1.0575,1.375,0.2125,0.53,0.845,1.1625,0,0.3175,0.635,0.9525,1.27,0.105,0.4225,0.74,1.0575,1.375,0.2125,0.53,0.845,1.1625,0,0.3175,0.635,0.9525,1.27,0.105,0.4225,0.74,1.0575,1.375,0.2125,0.53,0.845,1.1625,0,0.3175,0.635,0.9525,1.27,0.105,0.4225,0.74,1.0575,1.375,0.2125,0.53,0.845,1.1625],
  "ImageOrientationPatientDICOM": [0.999985,-0.00262908,-0.00476319,-2.91717e-08,0.875488,-0.483239],
  "InPlanePhaseEncodingDirectionDICOM": "COL",
  "ConversionSoftware": "dcm2niix",
  "ConversionSoftwareVersion": "v1.0.20190902",
  "TaskName": "Visual hemifield stimulation"
}