{
  "Modality": "MR",
  "MagneticFieldStrength": 3,
  "ImagingFrequency": 123.224,
  "Manufacturer": "Siemens",
  "ManufacturersModelName": "Prisma",
  "InstitutionName": "University_of_Delaware_-_Life_Science_Inst.",
  "InstitutionalDepartmentName": "Department",
  "InstitutionAddress": "East_Delaware_Ave._77-79_Newark_DE_US_19716",
  "DeviceSerialNumber": "66082",
  "StationName": "AWP66082",
  "BodyPartExamined": "BRAIN",
  "PatientPosition": "HFS",
  "ProcedureStepDescription": "Schneider_fMRI",
  "SoftwareVersions": "syngo_MR_E11",
  "MRAcquisitionType": "3D",
  "SeriesDescription": "set1_INV1",
  "ProtocolName": "set1",
  "ScanningSequence": "GR_IR",
  "SequenceVariant": "SK_SP_MP_OSP",
  "ScanOptions": "IR",
  "SequenceName": "_tfl3d1_16ns",
  "ImageType": [
    "ORIGINAL",
    "PRIMARY",
    "M",
    "ND",
    "NORM"
  ],
  "SeriesNumber": 5,
  "AcquisitionTime": "15:44:39.487500",
  "AcquisitionNumber": 1,
  "SliceThickness": 0.7,
  "SAR": 0.0165442,
  "EchoTime": 0.0036,
  "InversionTime": 0.9,
  "FlipAngle": 3,
  "PartialFourier": 1,
  "BaseResolution": 288,
  "ShimSetting": [-1012,-4105,1216,336,-29,-521,-84,-44],
  "TxRefAmp": 225.454,
  "PhaseResolution": 1,
  "PhaseOversampling": 0.25,
  "ReceiveCoilName": "HeadNeck_64",
  "ReceiveCoilActiveElements": "HC1-7;NC1,2",
  "CoilString": "HC1-7;NC1_2",
  "PulseSequenceDetails": "%SiemensSeq%_tfl",
  "RefLinesPE": 24,
  "ConsistencyInfo": "N4_VE11C_LATEST_20160120",
  "PercentPhaseFOV": 100,
  "PhaseEncodingSteps": 359,
  "AcquisitionMatrixPE": 288,
  "ReconMatrixPE": 288,
  "ParallelReductionFactorInPlane": 2,
  "PixelBandwidth": 200,
  "DwellTime": 8.7e-06,
  "ImageOrientationPatientDICOM": [0.998609,-0.00590413,0.0524042,0.0527336,0.102851,-0.993298],
  "InPlanePhaseEncodingDirectionDICOM": "ROW",
  "ConversionSoftware": "dcm2niix",
  "ConversionSoftwareVersion": "v1.0.20190902",
  "RepetitionTimeExcitation": 0.008699999999999999,
  "RepetitionTimePreparation": 5,
  "NumberShots": 208,
  "SlicePartialFourier": 0.75
}